GEM
  remote: http://rubygems.org/
  specs:
    nokogiri (1.5.0)
    ruby-libvirt (0.4.0)

PLATFORMS
  ruby

DEPENDENCIES
  nokogiri
  ruby-libvirt
